GEM
  remote: https://rubygems.org/
  specs:
    addressable (2.3.4)
    excon (0.23.0)
    fusion_tables (0.3.2)
      gdata_19 (>= 1.1.2)
    gdata_19 (1.1.5)
    heroku (2.39.4)
      heroku-api (~> 0.3.7)
      launchy (>= 0.3.2)
      netrc (~> 0.7.7)
      rest-client (~> 1.6.1)
      rubyzip
    heroku-api (0.3.12)
      excon (~> 0.23.0)
    launchy (2.3.0)
      addressable (~> 2.3)
    mime-types (1.23)
    netrc (0.7.7)
    rack (1.5.2)
    rack-protection (1.5.0)
      rack
    rdiscount (2.1.6)
    rest-client (1.6.7)
      mime-types (>= 1.16)
    rubyzip (0.9.9)
    sinatra (1.4.3)
      rack (~> 1.4)
      rack-protection (~> 1.4)
      tilt (~> 1.3, >= 1.3.4)
    sinatra-partial (0.3.2)
      sinatra
    tilt (1.4.1)

PLATFORMS
  ruby

DEPENDENCIES
  fusion_tables (~> 0.3.1)
  heroku
  rdiscount
  sinatra
  sinatra-partial (~> 0.3.2)
