GEM
  remote: https://rubygems.org/
  specs:
    clap (1.0.0)
    ft (0.0.3)
      clap
      net-http-persistent
      terminal-table
    fusion_tables (0.3.1)
      gdata_19 (>= 1.1.2)
    gdata_19 (1.1.5)
    net-http-persistent (2.7)
    rack (1.4.1)
    rack-protection (1.2.0)
      rack
    rdiscount (1.6.8)
    sequel (3.40.0)
    sequel-fusiontables (0.0.3)
      ft (>= 0.0.2)
      sequel
    sinatra (1.3.3)
      rack (~> 1.3, >= 1.3.6)
      rack-protection (~> 1.2)
      tilt (~> 1.3, >= 1.3.3)
    sinatra-partial (0.3.2)
      sinatra
    terminal-table (1.4.5)
    tilt (1.3.3)

PLATFORMS
  ruby

DEPENDENCIES
  fusion_tables (~> 0.3.1)
  rdiscount
  sequel-fusiontables (~> 0.0.3)
  sinatra
  sinatra-partial (~> 0.3.2)
