GEM
  remote: https://rubygems.org/
  specs:
    fusion_tables (0.3.2)
      gdata_19 (>= 1.1.2)
    gdata_19 (1.1.5)
    rack (1.4.1)
    rack-protection (1.2.0)
      rack
    rdiscount (1.6.8)
    sinatra (1.3.3)
      rack (~> 1.3, >= 1.3.6)
      rack-protection (~> 1.2)
      tilt (~> 1.3, >= 1.3.3)
    sinatra-partial (0.3.2)
      sinatra
    tilt (1.3.3)

PLATFORMS
  ruby

DEPENDENCIES
  fusion_tables (~> 0.3.1)
  rdiscount
  sinatra
  sinatra-partial (~> 0.3.2)
